GEM
  remote: http://rubygems.org/
  specs:
    MINT-scxml (1.0.0)
      MINT-statemachine (~> 1.2.3)
    MINT-statemachine (1.2.3)
    RedCloth (4.2.8)
    activesupport (2.3.14)
    addressable (2.2.6)
    bcrypt-ruby (2.1.4)
    cassowary (1.0.0)
    dm-core (0.10.2)
      addressable (~> 2.1)
      extlib (~> 0.9.14)
    dm-rinda-adapter (0.1.2)
      dm-core (~> 0.10.2)
    dm-types (0.10.2)
      bcrypt-ruby (~> 2.1.2)
      dm-core (~> 0.10.2)
      fastercsv (~> 1.5.0)
      json_pure (~> 1.2.0)
      stringex (~> 1.1.0)
      uuidtools (~> 2.1.1)
    eventmachine (0.12.10)
    extlib (0.9.15)
    fastercsv (1.5.4)
    hoe (2.9.6)
      rake (~> 0.8)
    i18n (0.6.0)
    json (1.5.1)
    json_pure (1.2.4)
    newgem (1.5.3)
      RedCloth (>= 4.1.1)
      activesupport (~> 2.3.4)
      hoe (>= 2.4.0)
      rubigen (>= 1.5.3)
      syntax (>= 1.0.0)
    rake (0.9.2)
    rdoc (3.11)
      json (~> 1.4)
    redis (2.2.1)
    rmagick (2.12.2)
    rspec (1.3.1)
    rubigen (1.5.6)
      activesupport (>= 2.3.5)
      i18n
    stringex (1.1.0)
    syntax (1.0.0)
    uuidtools (2.1.2)

PLATFORMS
  ruby

DEPENDENCIES
  MINT-scxml (= 1.0.0)
  MINT-statemachine (= 1.2.3)
  cassowary (= 1.0.0)
  dm-core (= 0.10.2)
  dm-rinda-adapter (= 0.1.2)
  dm-types (= 0.10.2)
  eventmachine (= 0.12.10)
  hoe (= 2.9.6)
  json (= 1.5.1)
  newgem (= 1.5.3)
  rake (= 0.9.2)
  rdoc (= 3.11)
  redis (= 2.2.1)
  rmagick (= 2.12.2)
  rspec (= 1.3.1)
