PATH
  remote: .
  specs:
    MINT-core (0.0.1)
      MINT-statemachine (~> 1.2.2)
      cassowary (~> 1.0.0)
      dm-rinda-adapter (~> 0.1.0)

GEM
  remote: http://rubygems.org/
  specs:
    MINT-statemachine (1.2.3)
    addressable (2.2.6)
    cassowary (1.0.0)
    dm-core (0.10.2)
      addressable (~> 2.1)
      extlib (~> 0.9.14)
    dm-rinda-adapter (0.1.2)
      dm-core (~> 0.10.2)
    extlib (0.9.15)
    hoe (2.9.6)
      rake (~> 0.8)
    json (1.5.4)
    rake (0.9.2.2)
    rdoc (3.11)
      json (~> 1.4)

PLATFORMS
  ruby

DEPENDENCIES
  MINT-core!
  hoe (~> 2.9)
  rdoc
