PATH
  remote: ../dm-redis-adapter
  specs:
    dm-redis-adapter (0.6.0)
      dm-core (>= 1.2.0)
      dm-types (>= 1.2.0)
      hiredis (~> 0.4.0)
      redis (~> 2.2)

PATH
  remote: ../em-hiredis
  specs:
    em-hiredis (0.1.0)
      hiredis (~> 0.4.0)

PATH
  remote: ../scxml
  specs:
    MINT-scxml (1.0.0)
      MINT-statemachine (~> 1.2.3)

PATH
  remote: ../statemachine
  specs:
    MINT-statemachine (1.2.3)

GEM
  remote: http://rubygems.org/
  specs:
    addressable (2.2.8)
    bacon (1.1.0)
    bcrypt-ruby (3.0.1)
    cassowary (1.0.1)
    diff-lcs (1.1.3)
    dm-core (1.2.0)
      addressable (~> 2.2.6)
    dm-serializer (1.2.2)
      dm-core (~> 1.2.0)
      fastercsv (~> 1.5)
      json (~> 1.6)
      json_pure (~> 1.6)
      multi_json (~> 1.0)
    dm-types (1.2.2)
      bcrypt-ruby (~> 3.0)
      dm-core (~> 1.2.0)
      fastercsv (~> 1.5)
      json (~> 1.6)
      multi_json (~> 1.0)
      stringex (~> 1.4)
      uuidtools (~> 2.1)
    em-spec (0.2.5)
      bacon
      eventmachine
      rspec (~> 2.6.0)
      test-unit
    eventmachine (0.12.10)
    fastercsv (1.5.5)
    hiredis (0.4.5)
    hoe (3.1.0)
      rake (~> 0.8)
    json (1.7.5)
    json_pure (1.7.5)
    multi_json (1.3.6)
    oj (1.4.0)
    perftools.rb (2.0.0)
    rake (0.9.2.2)
    redis (2.2.2)
    rmagick (2.12.2)
    rspec (2.6.0)
      rspec-core (~> 2.6.0)
      rspec-expectations (~> 2.6.0)
      rspec-mocks (~> 2.6.0)
    rspec-core (2.6.4)
    rspec-expectations (2.6.0)
      diff-lcs (~> 1.1.2)
    rspec-mocks (2.6.0)
    stringex (1.4.0)
    test-unit (2.5.2)
    uuidtools (2.1.3)

PLATFORMS
  ruby

DEPENDENCIES
  MINT-scxml!
  MINT-statemachine!
  cassowary (~> 1.0.1)
  dm-core (~> 1.2.0)
  dm-redis-adapter!
  dm-serializer
  dm-types (~> 1.2.0)
  em-hiredis!
  em-spec (~> 0.2.5)
  eventmachine (~> 0.12.10)
  hoe
  multi_json
  oj
  perftools.rb
  rake (= 0.9.2.2)
  redis (~> 2.2.1)
  rmagick (~> 2.12.2)
  rspec (= 2.6.0)
