PATH
  remote: ../dm-redis-adapter
  specs:
    dm-redis-adapter (0.5.1)
      dm-core (>= 1.2.0)
      dm-core (>= 1.2.0)
      dm-types (>= 1.2.0)
      dm-types (>= 1.2.0)
      dm-validations (>= 1.2.0)
      hiredis (~> 0.4.0)
      hiredis (~> 0.4.0)
      jeweler (>= 1.4.0)
      rake (>= 0.8.7)
      redis (>= 2.2)
      redis (~> 2.2)
      rspec (~> 2.6.0)

PATH
  remote: ../scxml
  specs:
    MINT-scxml (1.0.0)
      MINT-statemachine (~> 1.2.3)

PATH
  remote: ../statemachine
  specs:
    MINT-statemachine (1.2.3)

GEM
  remote: http://rubygems.org/
  specs:
    addressable (2.2.7)
    bacon (1.1.0)
    bcrypt-ruby (3.0.1)
    cassowary (1.0.1)
    diff-lcs (1.1.3)
    dm-core (1.2.0)
      addressable (~> 2.2.6)
    dm-serializer (1.2.0)
      dm-core (~> 1.2.0)
      fastercsv (~> 1.5.4)
      json (~> 1.5.4)
      json_pure (~> 1.5.4)
      multi_json (~> 1.0.3)
    dm-types (1.2.0)
      bcrypt-ruby (~> 3.0.0)
      dm-core (~> 1.2.0)
      fastercsv (~> 1.5.4)
      json (~> 1.5.4)
      multi_json (~> 1.0.3)
      stringex (~> 1.3.0)
      uuidtools (~> 2.1.2)
    dm-validations (1.2.0)
      dm-core (~> 1.2.0)
    em-hiredis (0.1.1)
      hiredis (~> 0.4.0)
    em-spec (0.2.5)
      bacon
      eventmachine
      rspec (~> 2.6.0)
      test-unit
    eventmachine (0.12.10)
    fastercsv (1.5.4)
    git (1.2.5)
    hiredis (0.4.5)
    hoe (3.0.3)
      rake (~> 0.8)
    jeweler (1.8.3)
      bundler (~> 1.0)
      git (>= 1.2.5)
      rake
      rdoc
    json (1.5.4)
    json_pure (1.5.4)
      spruz (~> 0.2.8)
    multi_json (1.0.4)
    rake (0.9.2.2)
    rdoc (3.12)
      json (~> 1.4)
    redis (2.2.2)
    rmagick (2.12.2)
    rspec (2.6.0)
      rspec-core (~> 2.6.0)
      rspec-expectations (~> 2.6.0)
      rspec-mocks (~> 2.6.0)
    rspec-core (2.6.4)
    rspec-expectations (2.6.0)
      diff-lcs (~> 1.1.2)
    rspec-mocks (2.6.0)
    spruz (0.2.13)
    stringex (1.3.2)
    test-unit (2.4.8)
    uuidtools (2.1.2)

PLATFORMS
  ruby

DEPENDENCIES
  MINT-scxml!
  MINT-statemachine!
  cassowary (~> 1.0.1)
  dm-core (~> 1.2.0)
  dm-redis-adapter!
  dm-serializer
  dm-types (~> 1.2.0)
  em-hiredis (= 0.1.1)
  em-spec (~> 0.2.5)
  eventmachine (~> 0.12.10)
  hoe
  json (~> 1.5.4)
  rake (= 0.9.2.2)
  redis (~> 2.2.1)
  rmagick (~> 2.12.2)
  rspec (= 2.6.0)
