PATH
  remote: ../scxml
  specs:
    MINT-scxml (1.0.0)
      MINT-statemachine (~> 1.2.2)

PATH
  remote: ../statemachine
  specs:
    MINT-statemachine (1.2.2)

GEM
  remote: http://rubygems.org/
  remote: http://gems.rubyforge.org/
  remote: http://gems.github.com/
  specs:
    RedCloth (4.2.7)
    activesupport (2.3.12)
    addressable (2.2.4)
    cassowary (1.0.0)
    dm-core (0.10.2)
      addressable (~> 2.1)
      extlib (~> 0.9.14)
    dm-rinda-adapter (0.1.0)
    eventmachine (0.12.10)
    extlib (0.9.15)
    hoe (2.9.6)
      rake (~> 0.8)
    i18n (0.6.0)
    newgem (1.5.3)
      RedCloth (>= 4.1.1)
      activesupport (~> 2.3.4)
      hoe (>= 2.4.0)
      rubigen (>= 1.5.3)
      syntax (>= 1.0.0)
    rake (0.9.2)
    rdoc (2.5.10)
    rmagick (2.12.2)
    rspec (1.3.1)
    rubigen (1.5.6)
      activesupport (>= 2.3.5)
      i18n
    syntax (1.0.0)

PLATFORMS
  ruby

DEPENDENCIES
  MINT-scxml!
  MINT-statemachine!
  cassowary (= 1.0.0)
  dm-core (= 0.10.2)
  dm-rinda-adapter (= 0.1.0)
  eventmachine (= 0.12.10)
  hoe (= 2.9.6)
  newgem
  rake (= 0.9.2)
  rdoc
  rmagick (= 2.12.2)
  rspec (= 1.3.1)
